GEM
  remote: https://rubygems.org/
  specs:
    rake (10.3.2)
    volley_motion (0.0.5)

PLATFORMS
  ruby

DEPENDENCIES
  rake (= 10.3.2)
  volley_motion
